GIT
  remote: https://github.com/sinatra/sinatra
  revision: da12ed99370d0789db20503c185235c8aceff32d
  tag: v2.0.0.rc1
  specs:
    rack-protection (2.0.0.rc1)
      rack
    sinatra (2.0.0.rc1)
      mustermann (= 1.0.0)
      rack (~> 2.0)
      rack-protection (= 2.0.0.rc1)
      tilt (~> 2.0)

GEM
  remote: https://rubygems.org/
  specs:
    bcrypt (3.1.10)
    coderay (1.1.1)
    daemons (1.2.4)
    eventmachine (1.2.2)
    hamlit (2.7.5)
      temple (~> 0.7.6)
      thor
      tilt
    method_source (0.8.2)
    mustermann (1.0.0)
    pg (0.19.0)
    pry (0.10.4)
      coderay (~> 1.1.0)
      method_source (~> 0.8.1)
      slop (~> 3.4)
    rack (2.0.1)
    rack-contrib (1.2.0)
      rack (>= 0.9.1)
    rake (12.0.0)
    redis (3.3.3)
    sequel (4.44.0)
    slop (3.6.0)
    temple (0.7.7)
    thin (1.7.0)
      daemons (~> 1.0, >= 1.0.9)
      eventmachine (~> 1.0, >= 1.0.4)
      rack (>= 1, < 3)
    thor (0.19.4)
    tilt (2.0.6)

PLATFORMS
  ruby

DEPENDENCIES
  bcrypt
  hamlit
  pg
  pry
  rack
  rack-contrib
  rake
  redis
  sequel
  sinatra!
  thin

BUNDLED WITH
   1.14.0
